GEM
  remote: http://rubygems.org/
  specs:
    taglib-ruby (0.6.0)

PLATFORMS
  ruby

DEPENDENCIES
  taglib-ruby
